GEM
  remote: https://rubygems.org/
  specs:
    diff-lcs (1.3)
    mini_magick (4.6.1)
    rake (11.2.2)
    rspec (3.5.0)
      rspec-core (~> 3.5.0)
      rspec-expectations (~> 3.5.0)
      rspec-mocks (~> 3.5.0)
    rspec-core (3.5.4)
      rspec-support (~> 3.5.0)
    rspec-expectations (3.5.0)
      diff-lcs (>= 1.2.0, < 2.0)
      rspec-support (~> 3.5.0)
    rspec-mocks (3.5.0)
      diff-lcs (>= 1.2.0, < 2.0)
      rspec-support (~> 3.5.0)
    rspec-support (3.5.0)
    settingslogic (2.0.9)

PLATFORMS
  ruby

DEPENDENCIES
  mini_magick (~> 4.5, >= 4.5.1)
  rake (~> 11.2, >= 11.2.2)
  rspec
  settingslogic (~> 2.0, >= 2.0.9)

BUNDLED WITH
   1.13.7
