GEM
  remote: https://rubygems.org/
  specs:
    mini_magick (4.6.1)
    rake (11.2.2)
    settingslogic (2.0.9)

PLATFORMS
  ruby

DEPENDENCIES
  mini_magick (~> 4.5, >= 4.5.1)
  rake (~> 11.2, >= 11.2.2)
  settingslogic (~> 2.0, >= 2.0.9)

BUNDLED WITH
   1.13.7
